PATH
  remote: ../legislators
  specs:
    legislators (0.0.2)
      sunlight (~> 1.1.0)

GEM
  remote: http://rubygems.org/
  specs:
    json (1.7.6)
    sunlight (1.1.0)
      json (>= 1.1.3)
      ym4r (>= 0.6.1)
    ym4r (0.6.1)

PLATFORMS
  ruby

DEPENDENCIES
  legislators!
  sunlight
